PATH
  remote: .
  specs:
    ruby-si-units (0.0.8)

GEM
  remote: https://rubygems.org/
  specs:
    awesome_print (1.1.0)
    coderay (1.1.0)
    diff-lcs (1.2.5)
    method_source (0.8.2)
    pry (0.9.12.3)
      coderay (~> 1.0)
      method_source (~> 0.8)
      slop (~> 3.4)
    rake (10.1.0)
    rspec (2.14.1)
      rspec-core (~> 2.14.0)
      rspec-expectations (~> 2.14.0)
      rspec-mocks (~> 2.14.0)
    rspec-core (2.14.7)
    rspec-expectations (2.14.4)
      diff-lcs (>= 1.1.3, < 2.0)
    rspec-mocks (2.14.4)
    slop (3.4.7)

PLATFORMS
  ruby

DEPENDENCIES
  awesome_print (~> 1.1.0)
  bundler (~> 1.3.5)
  pry (~> 0.9.12.2)
  rake (~> 10.1.0)
  rspec (~> 2.14.1)
  ruby-si-units!
